GEM
  specs:
    pg (0.21.0-x86-mingw32)
    sqlite3 (1.3.13-x86-mingw32)

PLATFORMS
  x86-mingw32

DEPENDENCIES
  pg
  sqlite3

BUNDLED WITH
   2.1.4
